PATH
  remote: .
  specs:
    sms16client (0.1.0)
      builder
      sax-machine

GEM
  remote: http://rubygems.org/
  specs:
    builder (3.1.4)
    coderay (1.0.8)
    diff-lcs (1.1.3)
    fakeweb (1.3.0)
    method_source (0.8.1)
    nokogiri (1.5.5)
    pry (0.9.10)
      coderay (~> 1.0.5)
      method_source (~> 0.8)
      slop (~> 3.3.1)
    rake (10.0.2)
    rspec (2.12.0)
      rspec-core (~> 2.12.0)
      rspec-expectations (~> 2.12.0)
      rspec-mocks (~> 2.12.0)
    rspec-core (2.12.1)
    rspec-expectations (2.12.0)
      diff-lcs (~> 1.1.3)
    rspec-mocks (2.12.0)
    sax-machine (0.1.0)
      nokogiri (> 0.0.0)
    slop (3.3.3)

PLATFORMS
  ruby

DEPENDENCIES
  fakeweb
  jruby-openssl
  pry
  rake
  rspec
  sms16client!
