PATH
  remote: .
  specs:
    sms16client (0.0.3)
      builder
      sax-machine

GEM
  remote: http://rubygems.org/
  specs:
    builder (3.1.4)
    diff-lcs (1.1.3)
    nokogiri (1.5.5)
    rake (10.0.2)
    rspec (2.12.0)
      rspec-core (~> 2.12.0)
      rspec-expectations (~> 2.12.0)
      rspec-mocks (~> 2.12.0)
    rspec-core (2.12.1)
    rspec-expectations (2.12.0)
      diff-lcs (~> 1.1.3)
    rspec-mocks (2.12.0)
    sax-machine (0.1.0)
      nokogiri (> 0.0.0)

PLATFORMS
  ruby

DEPENDENCIES
  jruby-openssl
  rake
  rspec
  sms16client!
